GEM
  remote: https://rubygems.org/
  specs:
    apetag (1.1.5)
      cicphash (>= 1.0.0)
    builder (3.2.3)
    ci_reporter (2.0.0)
      builder (>= 2.1.2)
    ci_reporter_test_unit (1.0.0)
      ci_reporter (~> 2.0)
      test-unit (~> 2.5.5)
    cicphash (1.1.0)
    cucumber (2.4.0)
      builder (>= 2.1.2)
      cucumber-core (~> 1.5.0)
      cucumber-wire (~> 0.0.1)
      diff-lcs (>= 1.1.3)
      gherkin (~> 4.0)
      multi_json (>= 1.7.5, < 2.0)
      multi_test (>= 0.1.2)
    cucumber-core (1.5.0)
      gherkin (~> 4.0)
    cucumber-wire (0.0.1)
    diff-lcs (1.3)
    docile (1.1.5)
    dotenv (2.2.0)
    ffi (1.9.18-x86-mingw32)
    ffi-portaudio (0.1.2)
      ffi
    flacinfo-rb (1.0)
    gherkin (4.1.3)
    json (2.0.3)
    mailfactory (1.4.0)
      mime-types (>= 1.13.1)
    mime-types (2.6.2)
    moumar-wmainfo-rb (0.8)
    mp4info (1.7.3)
    multi_json (1.13.1)
    multi_test (0.1.2)
    net-scp (1.2.1)
      net-ssh (>= 2.6.5)
    net-ssh (4.1.0)
    rake (10.4.0)
    rspec (3.5.0)
      rspec-core (~> 3.5.0)
      rspec-expectations (~> 3.5.0)
      rspec-mocks (~> 3.5.0)
    rspec-core (3.5.4)
      rspec-support (~> 3.5.0)
    rspec-expectations (3.5.0)
      diff-lcs (>= 1.2.0, < 2.0)
      rspec-support (~> 3.5.0)
    rspec-mocks (3.5.0)
      diff-lcs (>= 1.2.0, < 2.0)
      rspec-support (~> 3.5.0)
    rspec-support (3.5.0)
    rspec_junit_formatter (0.2.3)
      builder (< 4)
      rspec-core (>= 2, < 4, != 2.12.0)
    ruby-audioinfo (0.5.2)
      apetag (>= 1.1.4)
      flacinfo-rb (>= 0.4)
      moumar-wmainfo-rb (>= 0.7)
      mp4info (>= 1.7.3)
      ruby-mp3info (>= 0.8)
      ruby-ogginfo (>= 0.7)
      wavefile (>= 0.6.0)
    ruby-mp3info (0.8.10)
    ruby-ogginfo (0.7.2)
    safe_yaml (1.0.4)
    simplecov (0.14.1)
      docile (~> 1.1.0)
      json (>= 1.8, < 3)
      simplecov-html (~> 0.10.0)
    simplecov-html (0.10.2)
    simplecov-rcov (0.2.3)
      simplecov (>= 0.4.1)
    test-unit (2.5.5)
    wavefile (0.6.0)
    waveinfo (0.0.4)
    yard (0.8.7.6)
    zip (2.0.2)

PLATFORMS
  x86-mingw32

DEPENDENCIES
  ci_reporter_test_unit (= 1.0.0)
  cucumber (= 2.4.0)
  dotenv (= 2.2.0)
  ffi (= 1.9.18)
  ffi-portaudio (= 0.1.2)
  json (= 2.0.3)
  mailfactory (= 1.4.0)
  mime-types (= 2.6.2)
  net-scp (= 1.2.1)
  net-ssh (= 4.1.0)
  rake (= 10.4.0)
  rspec (= 3.5.0)
  rspec_junit_formatter (= 0.2.3)
  ruby-audioinfo (= 0.5.2)
  safe_yaml (= 1.0.4)
  simplecov (= 0.14.1)
  simplecov-rcov (= 0.2.3)
  test-unit (= 2.5.5)
  wavefile (= 0.6.0)
  waveinfo (= 0.0.4)
  yard (= 0.8.7.6)
  zip (= 2.0.2)

BUNDLED WITH
   1.17.1
